GEM
  remote: https://rubygems.org/
  specs:
    concurrent-ruby (1.3.5)
    et-orbi (1.2.11)
      tzinfo
    fugit (1.11.1)
      et-orbi (~> 1, >= 1.2.11)
      raabro (~> 1.4)
    raabro (1.4.0)
    rufus-scheduler (3.9.2)
      fugit (~> 1.1, >= 1.11.1)
    tzinfo (2.0.6)
      concurrent-ruby (~> 1.0)

PLATFORMS
  x86_64-linux

DEPENDENCIES
  rufus-scheduler

BUNDLED WITH
   2.2.3
